GEM
  remote: http://rubygems.org/
  specs:
    ZenTest (4.4.2)
    abstract (1.0.0)
    actionmailer (3.0.2)
      actionpack (= 3.0.2)
      mail (~> 2.2.9)
    actionpack (3.0.2)
      activemodel (= 3.0.2)
      activesupport (= 3.0.2)
      builder (~> 2.1.2)
      erubis (~> 2.6.6)
      i18n (~> 0.4.1)
      rack (~> 1.2.1)
      rack-mount (~> 0.6.13)
      rack-test (~> 0.5.6)
      tzinfo (~> 0.3.23)
    activemodel (3.0.2)
      activesupport (= 3.0.2)
      builder (~> 2.1.2)
      i18n (~> 0.4.1)
    activerecord (3.0.2)
      activemodel (= 3.0.2)
      activesupport (= 3.0.2)
      arel (~> 2.0.2)
      tzinfo (~> 0.3.23)
    activeresource (3.0.2)
      activemodel (= 3.0.2)
      activesupport (= 3.0.2)
    activesupport (3.0.2)
    arel (2.0.6)
    autotest (4.4.6)
      ZenTest (>= 4.4.1)
    autotest-rails (4.1.0)
      ZenTest
    aws-s3 (0.6.2)
      builder
      mime-types
      xml-simple
    bcrypt-ruby (2.1.2)
    builder (2.1.2)
    devise (1.1.5)
      bcrypt-ruby (~> 2.1.2)
      warden (~> 1.0.2)
    diff-lcs (1.1.2)
    erubis (2.6.6)
      abstract (>= 1.0.0)
    factory_girl (2.0.0.beta1)
    factory_girl_rails (1.1.beta1)
      factory_girl (~> 2.0.0.beta)
      rails (>= 3.0.0)
    i18n (0.4.2)
    mail (2.2.13)
      activesupport (>= 2.3.6)
      i18n (>= 0.4.0)
      mime-types (~> 1.16)
      treetop (~> 1.4.8)
    mime-types (1.16)
    paperclip (2.3.8)
      activerecord
      activesupport
    pg (0.10.0)
    polyglot (0.3.1)
    rack (1.2.1)
    rack-mount (0.6.13)
      rack (>= 1.0.0)
    rack-test (0.5.7)
      rack (>= 1.0)
    rails (3.0.2)
      actionmailer (= 3.0.2)
      actionpack (= 3.0.2)
      activerecord (= 3.0.2)
      activeresource (= 3.0.2)
      activesupport (= 3.0.2)
      bundler (~> 1.0.0)
      railties (= 3.0.2)
    railties (3.0.2)
      actionpack (= 3.0.2)
      activesupport (= 3.0.2)
      rake (>= 0.8.7)
      thor (~> 0.14.4)
    rake (0.8.7)
    rspec (2.0.1)
      rspec-core (~> 2.0.1)
      rspec-expectations (~> 2.0.1)
      rspec-mocks (~> 2.0.1)
    rspec-core (2.0.1)
    rspec-expectations (2.0.1)
      diff-lcs (>= 1.1.2)
    rspec-mocks (2.0.1)
      rspec-core (~> 2.0.1)
      rspec-expectations (~> 2.0.1)
    rspec-rails (2.0.1)
      rspec (~> 2.0.0)
    silent-postgres (0.0.6)
    sqlite3-ruby (1.3.2)
    thor (0.14.6)
    transitions (0.0.9)
    treetop (1.4.9)
      polyglot (>= 0.3.1)
    tzinfo (0.3.23)
    warden (1.0.3)
      rack (>= 1.0.0)
    xml-simple (1.0.12)

PLATFORMS
  ruby

DEPENDENCIES
  autotest
  autotest-rails
  aws-s3
  devise
  factory_girl_rails
  paperclip
  pg
  rails (= 3.0.2)
  rspec (= 2.0.1)
  rspec-rails (= 2.0.1)
  silent-postgres
  sqlite3-ruby
  transitions
